GEM
  remote: http://rubygems.org/
  specs:
    builder (2.1.2)
    crack (0.1.8)
    cucumber (0.8.5)
      builder (~> 2.1.2)
      diff-lcs (~> 1.1.2)
      gherkin (~> 2.1.4)
      json_pure (~> 1.4.3)
      term-ansicolor (~> 1.0.4)
    diff-lcs (1.1.2)
    fakeweb (1.2.8)
    gherkin (2.1.5)
      trollop (~> 1.16.2)
    httparty (0.6.1)
      crack (= 0.1.8)
    json_pure (1.4.6)
    rspec (1.3.0)
    term-ansicolor (1.0.5)
    trollop (1.16.2)
    vcr (1.0.3)

PLATFORMS
  ruby

DEPENDENCIES
  cucumber
  fakeweb
  gherkin
  httparty
  rspec
  vcr
